STORAGE: NONE
NUGET
  remote: https://api.nuget.org/v3/index.json
    Newtonsoft.Json (13.0.1) - restriction: >= net47
